PATH
  remote: .
  specs:
    git-deploy (0.6.1)
      net-scp (~> 1.1.0)
      net-ssh (~> 2.6.6)
      thor (>= 0.18.1)

GEM
  remote: https://rubygems.org/
  specs:
    diff-lcs (1.2.4)
    net-scp (1.1.2)
      net-ssh (>= 2.6.5)
    net-ssh (2.6.8)
    rspec (2.13.0)
      rspec-core (~> 2.13.0)
      rspec-expectations (~> 2.13.0)
      rspec-mocks (~> 2.13.0)
    rspec-core (2.13.1)
    rspec-expectations (2.13.0)
      diff-lcs (>= 1.1.3, < 2.0)
    rspec-mocks (2.13.1)
    thor (0.19.1)

PLATFORMS
  ruby

DEPENDENCIES
  git-deploy!
  rspec (~> 2.13.0)
